GEM
  remote: https://rubygems.org/
  specs:
    haml (4.0.3)
      tilt
    rack (1.5.2)
    rack-protection (1.5.0)
      rack
    sass (3.2.10)
    sinatra (1.4.3)
      rack (~> 1.4)
      rack-protection (~> 1.4)
      tilt (~> 1.3, >= 1.3.4)
    tilt (1.4.1)

PLATFORMS
  ruby

DEPENDENCIES
  haml
  sass
  sinatra

RUBY VERSION
   ruby 2.4.1p111

BUNDLED WITH
   1.16.0.pre.3